GEM
  remote: https://rubygems.org/
  specs:
    ast (2.4.2)
    google-protobuf (3.17.3)
    googleapis-common-protos-types (1.2.0)
      google-protobuf (~> 3.14)
    grpc (1.40.0)
      google-protobuf (~> 3.15)
      googleapis-common-protos-types (~> 1.0)
    lnrpc (0.12.1)
      google-protobuf (>= 3.12)
      grpc (>= 1.28.0)
    parallel (1.20.1)
    parser (3.0.2.0)
      ast (~> 2.4.1)
    rainbow (3.0.0)
    regexp_parser (2.1.1)
    rexml (3.2.5)
    rubocop (1.20.0)
      parallel (~> 1.10)
      parser (>= 3.0.0.0)
      rainbow (>= 2.2.2, < 4.0)
      regexp_parser (>= 1.8, < 3.0)
      rexml
      rubocop-ast (>= 1.9.1, < 2.0)
      ruby-progressbar (~> 1.7)
      unicode-display_width (>= 1.4.0, < 3.0)
    rubocop-ast (1.11.0)
      parser (>= 3.0.1.1)
    ruby-progressbar (1.11.0)
    unicode-display_width (2.0.0)

PLATFORMS
  ruby

DEPENDENCIES
  lnrpc (~> 0.12.1)
  rubocop (~> 1.20)

BUNDLED WITH
   2.1.4
